GEM
  remote: https://rubygems.org/
  specs:
    braintree (2.68.1)
      builder (>= 2.0.0)
    builder (3.2.2)
    rack (1.6.4)
    rack-protection (1.5.3)
      rack
    sinatra (1.4.7)
      rack (~> 1.5)
      rack-protection (~> 1.4)
      tilt (>= 1.3, < 3)
    tilt (2.0.5)

PLATFORMS
  ruby

DEPENDENCIES
  braintree (~> 2.61, >= 2.61.1)
  sinatra

BUNDLED WITH
   1.13.5
